GEM
  remote: http://rubygems.org/
  specs:
    bson (1.7.0)
    bson_ext (1.7.0)
      bson (~> 1.7.0)
    capistrano (2.12.0)
      highline
      net-scp (>= 1.0.0)
      net-sftp (>= 2.0.0)
      net-ssh (>= 2.0.14)
      net-ssh-gateway (>= 1.1.0)
    ffi (1.1.5)
    highline (1.6.13)
    mongo (1.7.0)
      bson (~> 1.7.0)
    net-scp (1.0.4)
      net-ssh (>= 1.99.1)
    net-sftp (2.0.5)
      net-ssh (>= 2.0.9)
    net-ssh (2.5.2)
    net-ssh-gateway (1.1.0)
      net-ssh (>= 1.99.1)
    nokogiri (1.5.5)
    rake (0.9.2.2)
    rufus-tokyo (1.0.7)
    rvm-capistrano (1.2.2)
      capistrano (>= 2.0.0)

PLATFORMS
  ruby

DEPENDENCIES
  bson
  bson_ext
  capistrano
  ffi
  mongo
  nokogiri
  rake
  rufus-tokyo
  rvm-capistrano
