GEM
  remote: http://rubygems.org/
  specs:
    coffee-script (2.2.0)
      coffee-script-source
      execjs
    coffee-script-source (1.3.3)
    execjs (1.4.0)
      multi_json (~> 1.0)
    ffi (1.1.5)
    haml (3.1.7)
    libv8 (3.3.10.2)
    multi_json (1.3.6)
    nokogiri (1.5.5)
    rake (0.9.2.2)
    rufus-tokyo (1.0.7)
    therubyracer (0.10.1)
      libv8 (~> 3.3.10)
    uglifier (1.2.7)
      execjs (>= 0.3.0)
      multi_json (~> 1.3)

PLATFORMS
  ruby

DEPENDENCIES
  coffee-script
  ffi
  haml
  nokogiri
  rake
  rufus-tokyo
  therubyracer
  uglifier
